PATH
  remote: .
  specs:
    ajsharp-sinatra-respond_to (0.8.0)
      sinatra (~> 1.3)

GEM
  remote: http://rubygems.org/
  specs:
    builder (3.0.0)
    diff-lcs (1.1.3)
    haml (3.1.3)
    rack (1.3.5)
    rack-protection (1.1.4)
      rack
    rack-test (0.5.7)
      rack (>= 1.0)
    rake (0.9.2.2)
    rcov (0.9.11)
    rspec (2.5.0)
      rspec-core (~> 2.5.0)
      rspec-expectations (~> 2.5.0)
      rspec-mocks (~> 2.5.0)
    rspec-core (2.5.2)
    rspec-expectations (2.5.0)
      diff-lcs (~> 1.1.2)
    rspec-mocks (2.5.0)
    sinatra (1.3.1)
      rack (~> 1.3, >= 1.3.4)
      rack-protection (~> 1.1, >= 1.1.2)
      tilt (~> 1.3, >= 1.3.3)
    tilt (1.3.3)

PLATFORMS
  ruby

DEPENDENCIES
  ajsharp-sinatra-respond_to!
  builder (>= 2.0)
  bundler (~> 1.0.10)
  haml (>= 3.0)
  rack-test (~> 0.5.6)
  rake
  rcov (~> 0.9.8)
  rspec (~> 2.5.0)
