PATH
  remote: .
  specs:
    sinatra-respond_to (0.9.0)
      sinatra (~> 1.3)

GEM
  remote: http://rubygems.org/
  specs:
    builder (3.1.4)
    diff-lcs (1.1.3)
    haml (3.1.7)
    multi_json (1.5.0)
    rack (1.5.1)
    rack-protection (1.3.2)
      rack
    rack-test (0.6.2)
      rack (>= 1.0)
    rake (10.0.3)
    rspec (2.12.0)
      rspec-core (~> 2.12.0)
      rspec-expectations (~> 2.12.0)
      rspec-mocks (~> 2.12.0)
    rspec-core (2.12.2)
    rspec-expectations (2.12.1)
      diff-lcs (~> 1.1.3)
    rspec-mocks (2.12.2)
    sass (3.2.5)
    simplecov (0.7.1)
      multi_json (~> 1.0)
      simplecov-html (~> 0.7.1)
    simplecov-html (0.7.1)
    sinatra (1.3.4)
      rack (~> 1.4)
      rack-protection (~> 1.3)
      tilt (~> 1.3, >= 1.3.3)
    tilt (1.3.3)

PLATFORMS
  ruby

DEPENDENCIES
  builder (>= 2.0)
  bundler (~> 1.2)
  haml (>= 3.0)
  rack-test (~> 0.6.2)
  rake (~> 10)
  rspec (~> 2.12.0)
  sass (>= 3.0)
  simplecov (~> 0.7.1)
  sinatra-respond_to!
